GIT
  remote: https://github.com/jquery-ui-rails/jquery-ui-rails.git
  revision: 413265e81f790f795239e07e7e25e01429b2f18d
  tag: v7.0.0
  specs:
    jquery-ui-rails (7.0.0)
      railties (>= 3.2.16)

GIT
  remote: https://github.com/noesya/summernote-rails.git
  revision: 32fd182c929cdcacaa6e3bd3569871bd025fa669
  specs:
    summernote-rails (0.8.20.1)
      nokogiri
      railties (>= 3.1)

GIT
  remote: https://github.com/noesya/two_factor_authentication.git
  revision: a3505e961baf7cb0bf68bb3a6349aeaf5e1baf97
  specs:
    two_factor_authentication (4.1.2)
      devise
      encryptor
      rails (>= 3.1.1)
      randexp
      rotp (>= 4.0.0)

GEM
  remote: https://rubygems.org/
  specs:
    actioncable (7.1.3.2)
      actionpack (= 7.1.3.2)
      activesupport (= 7.1.3.2)
      nio4r (~> 2.0)
      websocket-driver (>= 0.6.1)
      zeitwerk (~> 2.6)
    actionmailbox (7.1.3.2)
      actionpack (= 7.1.3.2)
      activejob (= 7.1.3.2)
      activerecord (= 7.1.3.2)
      activestorage (= 7.1.3.2)
      activesupport (= 7.1.3.2)
      mail (>= 2.7.1)
      net-imap
      net-pop
      net-smtp
    actionmailer (7.1.3.2)
      actionpack (= 7.1.3.2)
      actionview (= 7.1.3.2)
      activejob (= 7.1.3.2)
      activesupport (= 7.1.3.2)
      mail (~> 2.5, >= 2.5.4)
      net-imap
      net-pop
      net-smtp
      rails-dom-testing (~> 2.2)
    actionpack (7.1.3.2)
      actionview (= 7.1.3.2)
      activesupport (= 7.1.3.2)
      nokogiri (>= 1.8.5)
      racc
      rack (>= 2.2.4)
      rack-session (>= 1.0.1)
      rack-test (>= 0.6.3)
      rails-dom-testing (~> 2.2)
      rails-html-sanitizer (~> 1.6)
    actiontext (7.1.3.2)
      actionpack (= 7.1.3.2)
      activerecord (= 7.1.3.2)
      activestorage (= 7.1.3.2)
      activesupport (= 7.1.3.2)
      globalid (>= 0.6.0)
      nokogiri (>= 1.8.5)
    actionview (7.1.3.2)
      activesupport (= 7.1.3.2)
      builder (~> 3.1)
      erubi (~> 1.11)
      rails-dom-testing (~> 2.2)
      rails-html-sanitizer (~> 1.6)
    active_storage_validations (1.1.4)
      activejob (>= 5.2.0)
      activemodel (>= 5.2.0)
      activestorage (>= 5.2.0)
      activesupport (>= 5.2.0)
    activejob (7.1.3.2)
      activesupport (= 7.1.3.2)
      globalid (>= 0.3.6)
    activemodel (7.1.3.2)
      activesupport (= 7.1.3.2)
    activerecord (7.1.3.2)
      activemodel (= 7.1.3.2)
      activesupport (= 7.1.3.2)
      timeout (>= 0.4.0)
    activestorage (7.1.3.2)
      actionpack (= 7.1.3.2)
      activejob (= 7.1.3.2)
      activerecord (= 7.1.3.2)
      activesupport (= 7.1.3.2)
      marcel (~> 1.0)
    activestorage-scaleway-service (1.1.0)
      activestorage
      aws-sdk-s3
    activesupport (7.1.3.2)
      base64
      bigdecimal
      concurrent-ruby (~> 1.0, >= 1.0.2)
      connection_pool (>= 2.2.5)
      drb
      i18n (>= 1.6, < 2)
      minitest (>= 5.1)
      mutex_m
      tzinfo (~> 2.0)
    add_to_calendar (0.4.0)
      tzinfo (>= 1.1, < 3)
      tzinfo-data (~> 1.2020)
    addressable (2.8.6)
      public_suffix (>= 2.0.2, < 6.0)
    angularjs-rails (1.8.0)
    annotate (3.2.0)
      activerecord (>= 3.2, < 8.0)
      rake (>= 10.4, < 14.0)
    ast (2.4.2)
    autoprefixer-rails (10.4.16.0)
      execjs (~> 2)
    aws-eventstream (1.3.0)
    aws-partitions (1.899.0)
    aws-sdk-core (3.191.4)
      aws-eventstream (~> 1, >= 1.3.0)
      aws-partitions (~> 1, >= 1.651.0)
      aws-sigv4 (~> 1.8)
      jmespath (~> 1, >= 1.6.1)
    aws-sdk-kms (1.78.0)
      aws-sdk-core (~> 3, >= 3.191.0)
      aws-sigv4 (~> 1.1)
    aws-sdk-s3 (1.146.0)
      aws-sdk-core (~> 3, >= 3.191.0)
      aws-sdk-kms (~> 1)
      aws-sigv4 (~> 1.8)
    aws-sigv4 (1.8.0)
      aws-eventstream (~> 1, >= 1.0.2)
    base64 (0.2.0)
    bcrypt (3.1.20)
    bigdecimal (3.1.7)
    bindex (0.8.1)
    bootsnap (1.18.3)
      msgpack (~> 1.2)
    bootstrap (5.3.2)
      autoprefixer-rails (>= 9.1.0)
      popper_js (>= 2.11.8, < 3)
    bootstrap5-kaminari-views (0.0.1)
      kaminari (>= 0.13)
      rails (>= 3.1)
    breadcrumbs_on_rails (4.1.0)
      railties (>= 5.0)
    bugsnag (6.26.3)
      concurrent-ruby (~> 1.0)
    builder (3.2.4)
    byebug (11.1.3)
    cancancan (3.3.0)
    capybara (3.40.0)
      addressable
      matrix
      mini_mime (>= 0.1.3)
      nokogiri (~> 1.11)
      rack (>= 1.6.0)
      rack-test (>= 0.6.3)
      regexp_parser (>= 1.5, < 3.0)
      xpath (~> 3.2)
    caxlsx (4.1.0)
      htmlentities (~> 4.3, >= 4.3.4)
      marcel (~> 1.0)
      nokogiri (~> 1.10, >= 1.10.4)
      rubyzip (>= 1.3.0, < 3)
    caxlsx_rails (0.6.3)
      actionpack (>= 3.1)
      caxlsx (>= 3.0)
    citeproc (1.0.10)
      namae (~> 1.0)
    citeproc-ruby (2.0.0)
      citeproc (~> 1.0, >= 1.0.9)
      csl (~> 2.0)
    cocoon (1.2.15)
    concurrent-ruby (1.2.3)
    connection_pool (2.4.1)
    countries (6.0.0)
      unaccent (~> 0.3)
    country_select (9.0.0)
      countries (> 5.0, < 7.0)
    crack (1.0.0)
      bigdecimal
      rexml
    crass (1.0.6)
    csl (2.0.0)
      namae (~> 1.0)
      rexml
    csl-styles (2.0.1)
      csl (~> 2.0)
    curation (2.0.2)
      htmlentities
      metainspector
      nokogiri
      rails-html-sanitizer
    date (3.3.4)
    delayed_job (4.1.11)
      activesupport (>= 3.0, < 8.0)
    delayed_job_active_record (4.1.8)
      activerecord (>= 3.0, < 8.0)
      delayed_job (>= 3.0, < 5)
    delayed_job_prevent_duplicate (0.1.4)
      delayed_job (>= 3.0, < 5)
    delayed_job_web (1.4.4)
      activerecord (> 3.0.0)
      delayed_job (> 2.0.3)
      rack-protection (>= 1.5.5)
      sinatra (>= 1.4.4)
    devise (4.9.3)
      bcrypt (~> 3.0)
      orm_adapter (~> 0.1)
      railties (>= 4.1.0)
      responders
      warden (~> 1.2.3)
    devise-i18n (1.12.0)
      devise (>= 4.9.0)
    docile (1.4.0)
    domain_name (0.6.20240107)
    drb (2.2.1)
    encryptor (3.0.0)
    enum_help (0.0.19)
      activesupport (>= 3.0.0)
    erubi (1.12.0)
    ethon (0.16.0)
      ffi (>= 1.15.0)
    execjs (2.9.1)
    faceted_search (3.6.2)
      font-awesome-sass
      rails (>= 5.2.0)
    faraday (2.9.0)
      faraday-net_http (>= 2.0, < 3.2)
    faraday-cookie_jar (0.0.7)
      faraday (>= 0.8.0)
      http-cookie (~> 1.0.0)
    faraday-encoding (0.0.5)
      faraday
    faraday-follow_redirects (0.3.0)
      faraday (>= 1, < 3)
    faraday-gzip (1.0.0)
      faraday (>= 1.0)
      zlib (~> 2.1)
    faraday-http-cache (2.5.1)
      faraday (>= 0.8)
    faraday-multipart (1.0.4)
      multipart-post (~> 2)
    faraday-net_http (3.1.0)
      net-http
    faraday-retry (2.2.0)
      faraday (~> 2.0)
    fastimage (2.3.0)
    ffi (1.16.3)
    figaro (1.2.0)
      thor (>= 0.14.0, < 2)
    font-awesome-sass (6.5.1)
      sassc (~> 2.0)
    front_matter_parser (1.0.1)
    geo_calc (0.7.8)
      activesupport (>= 3.0.1)
      geo_units (~> 0.3.2)
      i18n (>= 0.5)
      require_all (>= 1.2.0)
      sugar-high (~> 0.7.2)
      sweetloader
    geo_point (0.2.6)
      geo_calc (>= 0.7.7.1)
    geo_units (0.3.4)
      activesupport (>= 4)
      i18n (>= 0.8)
      sugar-high (~> 0.7.2)
      sweetloader (~> 0.1.6)
    geocoder (1.8.2)
    gitlab (4.19.0)
      httparty (~> 0.20)
      terminal-table (>= 1.5.1)
    globalid (1.2.1)
      activesupport (>= 6.1)
    hal_openscience (0.1.0)
      json
      net-http
      open-uri
    has_scope (0.8.2)
      actionpack (>= 5.2)
      activesupport (>= 5.2)
    hash_dot (2.5.0)
    hashdiff (1.1.0)
    hashie (5.0.0)
    htmlentities (4.3.4)
    http-cookie (1.0.5)
      domain_name (~> 0.5)
    httparty (0.21.0)
      mini_mime (>= 1.0.0)
      multi_xml (>= 0.5.2)
    i18n (1.14.4)
      concurrent-ruby (~> 1.0)
    i18n_data (0.17.1)
      simple_po_parser (~> 1.1)
    i18n_date_range (2.0.0)
      rails
      rails-i18n
    image_processing (1.12.2)
      mini_magick (>= 4.9.5, < 5)
      ruby-vips (>= 2.0.17, < 3)
    io-console (0.7.2)
    irb (1.12.0)
      rdoc
      reline (>= 0.4.2)
    jbuilder (2.11.5)
      actionview (>= 5.0.0)
      activesupport (>= 5.0.0)
    jmespath (1.6.2)
    jquery-rails (4.6.0)
      rails-dom-testing (>= 1, < 3)
      railties (>= 4.2.0)
      thor (>= 0.14, < 2.0)
    json (2.7.1)
    jwt (2.8.1)
      base64
    kamifusen (1.11.2)
      image_processing
      rails
    kaminari (1.2.2)
      activesupport (>= 4.1.0)
      kaminari-actionview (= 1.2.2)
      kaminari-activerecord (= 1.2.2)
      kaminari-core (= 1.2.2)
    kaminari-actionview (1.2.2)
      actionview
      kaminari-core (= 1.2.2)
    kaminari-activerecord (1.2.2)
      activerecord
      kaminari-core (= 1.2.2)
    kaminari-core (1.2.2)
    leaflet-rails (1.9.4)
      actionpack (>= 4.2.0)
      railties (>= 4.2.0)
    libretranslate (0.1.0)
      json
      net-http
      open-uri
    listen (3.9.0)
      rb-fsevent (~> 0.10, >= 0.10.3)
      rb-inotify (~> 0.9, >= 0.9.10)
    loofah (2.22.0)
      crass (~> 1.0.2)
      nokogiri (>= 1.12.0)
    mail (2.8.1)
      mini_mime (>= 0.1.1)
      net-imap
      net-pop
      net-smtp
    marcel (1.0.4)
    matrix (0.4.2)
    metainspector (5.15.0)
      addressable (~> 2.8.4)
      faraday (~> 2.5)
      faraday-cookie_jar (~> 0.0)
      faraday-encoding (~> 0.0)
      faraday-follow_redirects (~> 0.3)
      faraday-gzip (>= 0.1, < 2.0)
      faraday-http-cache (~> 2.5)
      faraday-retry (~> 2.0)
      fastimage (~> 2.2)
      nesty (~> 1.0)
      nokogiri (~> 1.13)
    mini_magick (4.12.0)
    mini_mime (1.1.5)
    minitest (5.22.3)
    msgpack (1.7.2)
    multi_xml (0.6.0)
    multipart-post (2.4.0)
    mustermann (3.0.0)
      ruby2_keywords (~> 0.0.1)
    mutex_m (0.2.0)
    namae (1.2.0)
      racc (~> 1.7)
    nesty (1.0.2)
    net-http (0.4.1)
      uri
    net-imap (0.4.10)
      date
      net-protocol
    net-pop (0.1.2)
      net-protocol
    net-protocol (0.2.2)
      timeout
    net-smtp (0.4.0.1)
      net-protocol
    nio4r (2.7.0)
    nokogiri (1.16.3-arm64-darwin)
      racc (~> 1.4)
    nokogiri (1.16.3-x86_64-darwin)
      racc (~> 1.4)
    nokogiri (1.16.3-x86_64-linux)
      racc (~> 1.4)
    oauth2 (2.0.9)
      faraday (>= 0.17.3, < 3.0)
      jwt (>= 1.0, < 3.0)
      multi_xml (~> 0.5)
      rack (>= 1.2, < 4)
      snaky_hash (~> 2.0)
      version_gem (~> 1.1)
    octokit (8.1.0)
      base64
      faraday (>= 1, < 3)
      sawyer (~> 0.9)
    omniauth (2.1.2)
      hashie (>= 3.4.6)
      rack (>= 2.2.3)
      rack-protection
    omniauth-rails_csrf_protection (1.0.1)
      actionpack (>= 4.2)
      omniauth (~> 2.0)
    omniauth-saml (2.1.0)
      omniauth (~> 2.0)
      ruby-saml (~> 1.12)
    open-uri (0.4.1)
      stringio
      time
      uri
    orm_adapter (0.5.0)
    orthotypo (1.0.4)
      htmlentities
      nokogiri
    parser (3.3.0.5)
      ast (~> 2.4.1)
      racc
    pexels (0.5.0)
      requests (~> 1.0.2)
    pg (1.5.6)
    popper_js (2.11.8)
    psych (5.1.2)
      stringio
    public_suffix (5.0.4)
    puma (6.4.2)
      nio4r (~> 2.0)
    racc (1.7.3)
    rack (3.0.9.1)
    rack-mini-profiler (2.3.4)
      rack (>= 1.2.0)
    rack-protection (4.0.0)
      base64 (>= 0.1.0)
      rack (>= 3.0.0, < 4)
    rack-session (2.0.0)
      rack (>= 3.0.0)
    rack-test (2.1.0)
      rack (>= 1.3)
    rackup (2.1.0)
      rack (>= 3)
      webrick (~> 1.8)
    rails (7.1.3.2)
      actioncable (= 7.1.3.2)
      actionmailbox (= 7.1.3.2)
      actionmailer (= 7.1.3.2)
      actionpack (= 7.1.3.2)
      actiontext (= 7.1.3.2)
      actionview (= 7.1.3.2)
      activejob (= 7.1.3.2)
      activemodel (= 7.1.3.2)
      activerecord (= 7.1.3.2)
      activestorage (= 7.1.3.2)
      activesupport (= 7.1.3.2)
      bundler (>= 1.15.0)
      railties (= 7.1.3.2)
    rails-autocomplete (2.0.1)
      rails (>= 4.0)
    rails-dom-testing (2.2.0)
      activesupport (>= 5.0.0)
      minitest
      nokogiri (>= 1.6)
    rails-html-sanitizer (1.6.0)
      loofah (~> 2.21)
      nokogiri (~> 1.14)
    rails-i18n (7.0.9)
      i18n (>= 0.7, < 2)
      railties (>= 6.0.0, < 8)
    railties (7.1.3.2)
      actionpack (= 7.1.3.2)
      activesupport (= 7.1.3.2)
      irb
      rackup (>= 1.0.0)
      rake (>= 12.2)
      thor (~> 1.0, >= 1.2.2)
      zeitwerk (~> 2.6)
    rake (13.1.0)
    randexp (0.1.7)
    rb-fsevent (0.11.2)
    rb-inotify (0.10.1)
      ffi (~> 1.0)
    rdoc (6.6.2)
      psych (>= 4.0.0)
    regexp_parser (2.9.0)
    reline (0.4.3)
      io-console (~> 0.5)
    requests (1.0.2)
    require_all (3.0.0)
    responders (3.1.1)
      actionpack (>= 5.2)
      railties (>= 5.2)
    rexml (3.2.6)
    roo (2.10.1)
      nokogiri (~> 1)
      rubyzip (>= 1.3.0, < 3.0.0)
    rotp (6.3.0)
    ruby-saml (1.16.0)
      nokogiri (>= 1.13.10)
      rexml
    ruby-vips (2.2.1)
      ffi (~> 1.12)
    ruby2_keywords (0.0.5)
    rubyzip (2.3.2)
    sanitize (6.1.0)
      crass (~> 1.0.2)
      nokogiri (>= 1.12.0)
    sassc (2.4.0)
      ffi (~> 1.9)
    sassc-rails (2.1.2)
      railties (>= 4.0.0)
      sassc (>= 2.0)
      sprockets (> 3.0)
      sprockets-rails
      tilt
    sawyer (0.9.2)
      addressable (>= 2.3.5)
      faraday (>= 0.17.3, < 3)
    scout_apm (5.3.7)
      parser
    selenium-webdriver (4.10.0)
      rexml (~> 3.2, >= 3.2.5)
      rubyzip (>= 1.2.2, < 3.0)
      websocket (~> 1.0)
    sib-api-v3-sdk (9.1.0)
      addressable (~> 2.3, >= 2.3.0)
      json (~> 2.1, >= 2.1.0)
      typhoeus (~> 1.0, >= 1.0.1)
    simple-navigation (4.4.0)
      activesupport (>= 2.3.2)
    simple_form (5.3.0)
      actionpack (>= 5.2)
      activemodel (>= 5.2)
    simple_form_bs5_file_input (0.1.4)
      rails
      simple_form
    simple_form_password_with_hints (0.0.7)
      rails
      simple_form
    simple_po_parser (1.1.6)
    simplecov (0.22.0)
      docile (~> 1.1)
      simplecov-html (~> 0.11)
      simplecov_json_formatter (~> 0.1)
    simplecov-html (0.12.3)
    simplecov_json_formatter (0.1.4)
    sinatra (4.0.0)
      mustermann (~> 3.0)
      rack (>= 3.0.0, < 4)
      rack-protection (= 4.0.0)
      rack-session (>= 2.0.0, < 3)
      tilt (~> 2.0)
    snaky_hash (2.0.1)
      hashie
      version_gem (~> 1.1, >= 1.1.1)
    spring (4.1.3)
    sprockets (4.2.1)
      concurrent-ruby (~> 1.0)
      rack (>= 2.2.4, < 4)
    sprockets-rails (3.4.2)
      actionpack (>= 5.2)
      activesupport (>= 5.2)
      sprockets (>= 3.0.0)
    stringio (3.1.0)
    sugar-high (0.7.3)
    sweetloader (0.1.6)
      activesupport (>= 3.0.1)
      i18n
    terminal-table (3.0.2)
      unicode-display_width (>= 1.1.1, < 3)
    thor (1.3.1)
    tilt (2.3.0)
    time (0.3.0)
      date
    timeout (0.4.1)
    typhoeus (1.4.1)
      ethon (>= 0.9.0)
    tzinfo (2.0.6)
      concurrent-ruby (~> 1.0)
    tzinfo-data (1.2024.1)
      tzinfo (>= 1.0.0)
    unaccent (0.4.0)
    unicode-display_width (2.5.0)
    unsplash (3.1.1)
      faraday-multipart (~> 1.0.4)
      httparty (~> 0.20)
      oauth2 (>= 2.0.8)
    uri (0.13.0)
    vcr (6.2.0)
    version_gem (1.1.3)
    warden (1.2.9)
      rack (>= 2.0.9)
    web-console (4.2.1)
      actionview (>= 6.0.0)
      activemodel (>= 6.0.0)
      bindex (>= 0.4.0)
      railties (>= 6.0.0)
    webdrivers (5.3.1)
      nokogiri (~> 1.6)
      rubyzip (>= 1.3.0)
      selenium-webdriver (~> 4.0, < 4.11)
    webmock (3.23.0)
      addressable (>= 2.8.0)
      crack (>= 0.3.2)
      hashdiff (>= 0.4.0, < 2.0.0)
    webrick (1.8.1)
    websocket (1.2.10)
    websocket-driver (0.7.6)
      websocket-extensions (>= 0.1.0)
    websocket-extensions (0.1.5)
    xpath (3.2.0)
      nokogiri (~> 1.8)
    zeitwerk (2.6.13)
    zlib (2.1.1)

PLATFORMS
  arm64-darwin-21
  arm64-darwin-22
  arm64-darwin-23
  x86_64-darwin-21
  x86_64-darwin-22
  x86_64-darwin-23
  x86_64-linux

DEPENDENCIES
  active_storage_validations (~> 1)
  activestorage-scaleway-service
  add_to_calendar
  angularjs-rails
  annotate
  aws-sdk-s3
  bootsnap (~> 1)
  bootstrap
  bootstrap5-kaminari-views
  breadcrumbs_on_rails
  bugsnag
  byebug
  cancancan (~> 3.3.0)
  capybara (>= 3.26)
  caxlsx_rails (~> 0)
  citeproc (~> 1)
  citeproc-ruby (~> 2)
  cocoon (~> 1)
  country_select
  csl-styles (~> 2)
  curation
  delayed_job_active_record
  delayed_job_prevent_duplicate
  delayed_job_web
  devise
  devise-i18n
  enum_help
  faceted_search
  faraday
  figaro
  font-awesome-sass
  front_matter_parser
  geo_point
  geocoder (~> 1)
  gitlab
  hal_openscience (~> 0)
  has_scope (~> 0)
  hash_dot
  i18n_data (~> 0)
  i18n_date_range
  image_processing
  jbuilder
  jquery-rails
  jquery-ui-rails!
  kamifusen
  kaminari
  leaflet-rails
  libretranslate
  listen (~> 3.3)
  mini_magick
  octokit
  omniauth-rails_csrf_protection (~> 1)
  omniauth-saml (~> 2)
  orthotypo
  pexels (~> 0)
  pg (~> 1)
  puma
  rack-mini-profiler (~> 2.0)
  rails (~> 7.1.0)
  rails-autocomplete (~> 2)
  rails-i18n
  roo (~> 2)
  sanitize
  sassc-rails
  scout_apm (~> 5)
  selenium-webdriver
  sib-api-v3-sdk
  simple-navigation
  simple_form
  simple_form_bs5_file_input
  simple_form_password_with_hints
  simplecov
  spring
  sprockets-rails (~> 3)
  summernote-rails!
  two_factor_authentication!
  tzinfo-data
  unsplash
  vcr
  web-console (>= 4.1.0)
  webdrivers
  webmock

RUBY VERSION
   ruby 3.3.0p0

BUNDLED WITH
   2.5.3
